GEM
  remote: https://rubygems.org/
  specs:
    xqsr3 (0.38.1.1)

PLATFORMS
  x86_64-darwin-20

DEPENDENCIES
  xqsr3 (~> 0.38)

BUNDLED WITH
   2.2.16
