GEM
  remote: https://rubygems.org/
  specs:
    xqsr3 (0.39.2)

PLATFORMS
  x86_64-darwin-20

DEPENDENCIES
  xqsr3 (~> 0.39)

BUNDLED WITH
   2.4.22
