GEM
  remote: https://rubygems.org/
  specs:
    xqsr3 (0.37.2)

PLATFORMS
  ruby

DEPENDENCIES
  xqsr3 (~> 0.37, >= 0.37.2)

BUNDLED WITH
   2.2.33
